PATH
  remote: .
  specs:
    motion_uuid (0.0.1)
      bubble-wrap
      motion_support
      uuidtools

GEM
  remote: https://rubygems.org/
  specs:
    bubble-wrap (1.1.5)
    motion-require (0.0.4)
    motion_support (0.0.6)
      bubble-wrap
    rake (10.0.4)
    rm-digest (0.0.2)
    uuidtools (2.1.3)

PLATFORMS
  ruby

DEPENDENCIES
  motion-require
  motion_uuid!
  rake
  rm-digest
